GIT
  remote: git://github.com/ctran/annotate_models.git
  revision: eb633bcf19c6a1242cb069e2e66829a9fa0021f1
  specs:
    annotate (2.6.1)
      activerecord (>= 2.3.0)
      rake (>= 0.8.7)

GEM
  remote: https://rubygems.org/
  remote: https://rails-assets.org/
  specs:
    actionmailer (4.0.3)
      actionpack (= 4.0.3)
      mail (~> 2.5.4)
    actionpack (4.0.3)
      activesupport (= 4.0.3)
      builder (~> 3.1.0)
      erubis (~> 2.7.0)
      rack (~> 1.5.2)
      rack-test (~> 0.6.2)
    active_model_serializers (0.8.1)
      activemodel (>= 3.0)
    activemodel (4.0.3)
      activesupport (= 4.0.3)
      builder (~> 3.1.0)
    activerecord (4.0.3)
      activemodel (= 4.0.3)
      activerecord-deprecated_finders (~> 1.0.2)
      activesupport (= 4.0.3)
      arel (~> 4.0.0)
    activerecord-deprecated_finders (1.0.3)
    activesupport (4.0.3)
      i18n (~> 0.6, >= 0.6.4)
      minitest (~> 4.2)
      multi_json (~> 1.3)
      thread_safe (~> 0.1)
      tzinfo (~> 0.3.37)
    airbrake (3.1.15)
      builder
      multi_json
    anbt-sql-formatter (0.0.2)
    arel (4.0.2)
    atomic (1.1.14)
    awesome_print (1.2.0)
    barber (0.4.2)
      ember-source
      execjs
      handlebars-source
    barber-emblem (0.1.1)
      barber (>= 0.4.1)
      emblem-source
    bcrypt-ruby (3.1.2)
    better_errors (1.1.0)
      coderay (>= 1.0.0)
      erubis (>= 2.6.6)
    binding_of_caller (0.7.2)
      debug_inspector (>= 0.0.1)
    builder (3.1.4)
    byebug (2.6.0)
      columnize (~> 0.3)
      debugger-linecache (~> 1.2)
    celluloid (0.15.2)
      timers (~> 1.1.0)
    celluloid-io (0.15.0)
      celluloid (>= 0.15.0)
      nio4r (>= 0.5.0)
    coderay (1.1.0)
    coffee-rails (4.0.1)
      coffee-script (>= 2.2.0)
      railties (>= 4.0.0, < 5.0)
    coffee-script (2.2.0)
      coffee-script-source
      execjs
    coffee-script-source (1.7.0)
    colorize_unpermitted_parameters (0.0.2)
      term-ansicolor
    columnize (0.3.6)
    coolline (0.4.3)
    database_cleaner (1.2.0)
    database_rewinder (0.0.2)
    debug_inspector (0.0.2)
    debugger-linecache (1.2.0)
    devise (3.0.4)
      bcrypt-ruby (~> 3.0)
      orm_adapter (~> 0.1)
      railties (>= 3.2.6, < 5)
      warden (~> 1.2.3)
    diff-lcs (1.2.5)
    em-websocket (0.5.0)
      eventmachine (>= 0.12.9)
      http_parser.rb (~> 0.5.3)
    ember-auth-module-action_redirectable-rails (1.0.0)
      ember-auth-module-action_redirectable-source
      rails
    ember-auth-module-action_redirectable-source (1.0.2)
      ember-auth-source (~> 9.0)
      ember-source (~> 1.0)
    ember-auth-module-auth_redirectable-rails (1.0.0)
      ember-auth-module-auth_redirectable-source
      rails
    ember-auth-module-auth_redirectable-source (1.0.3)
      ember-auth-source (~> 9.0)
      ember-source (~> 1.0)
    ember-auth-module-ember_data-rails (1.0.0)
      ember-auth-module-ember_data-source
      rails
    ember-auth-module-ember_data-source (1.0.2)
      ember-auth-source (~> 9.0)
      ember-data-source (>= 1.0.0.beta.1, < 2.0)
      ember-source (~> 1.0)
    ember-auth-module-rememberable-rails (1.0.0)
      ember-auth-module-rememberable-source
      rails
    ember-auth-module-rememberable-source (1.0.3)
      ember-auth-source (~> 9.0)
      ember-source (~> 1.0)
    ember-auth-rails (5.0.1)
      ember-auth-source (>= 8.0.0)
      rails
    ember-auth-request-jquery-rails (1.0.0)
      ember-auth-request-jquery-source
      rails
    ember-auth-request-jquery-source (1.0.3)
      ember-auth-source (~> 9.0)
      ember-source (~> 1.0)
    ember-auth-response-json-rails (1.0.0)
      ember-auth-response-json-source
      rails
    ember-auth-response-json-source (1.0.2)
      ember-auth-source (~> 9.0)
      ember-source (~> 1.0)
    ember-auth-session-cookie-rails (1.0.0)
      ember-auth-session-cookie-source
      rails
    ember-auth-session-cookie-source (1.0.1)
      ember-auth-source (~> 9.0)
      ember-source (~> 1.0)
    ember-auth-source (9.0.7)
      ember-source (>= 1.0.0.rc6.2)
    ember-auth-strategy-token-rails (1.0.0)
      ember-auth-strategy-token-source
      rails
    ember-auth-strategy-token-source (1.0.2)
      ember-auth-source (~> 9.0)
      ember-source (~> 1.0)
    ember-data-source (1.0.0.beta.6)
      ember-source
    ember-rails (0.14.1)
      active_model_serializers
      barber (>= 0.4.1)
      ember-data-source
      ember-source
      execjs (>= 1.2)
      handlebars-source
      jquery-rails (>= 1.0.17)
      railties (>= 3.1)
    ember-source (1.5.0.beta.1.1)
      handlebars-source (~> 1.0)
    emblem-rails (0.2.1)
      barber-emblem (~> 0.1.1)
      ember-rails (>= 0.14.0)
    emblem-source (0.3.11)
    erubis (2.7.0)
    eventmachine (1.0.3)
    execjs (2.0.2)
    fabrication (2.9.8)
    ffi (1.9.3)
    formatador (0.2.4)
    growl (1.0.3)
    guard (2.4.0)
      formatador (>= 0.2.4)
      listen (~> 2.1)
      lumberjack (~> 1.0)
      pry (>= 0.9.12)
      thor (>= 0.18.1)
    guard-livereload (2.1.1)
      em-websocket (~> 0.5)
      guard (~> 2.0)
      multi_json (~> 1.8)
    guard-rspec (4.2.6)
      guard (~> 2.1)
      rspec (>= 2.14, < 4.0)
    handlebars-source (1.3.0)
    hashie (2.0.5)
    hike (1.2.3)
    hirb (0.7.1)
    hirb-unicode (0.0.5)
      hirb (~> 0.5)
      unicode-display_width (~> 0.1.1)
    http_parser.rb (0.5.3)
    i18n (0.6.9)
    jquery-rails (3.1.0)
      railties (>= 3.0, < 5.0)
      thor (>= 0.14, < 2.0)
    json (1.8.1)
    kgio (2.9.2)
    listen (2.5.0)
      celluloid (>= 0.15.2)
      celluloid-io (>= 0.15.0)
      rb-fsevent (>= 0.9.3)
      rb-inotify (>= 0.9)
    lumberjack (1.0.4)
    mail (2.5.4)
      mime-types (~> 1.16)
      treetop (~> 1.4.8)
    method_source (0.8.2)
    mime-types (1.25.1)
    minitest (4.7.5)
    multi_json (1.8.4)
    newrelic_rpm (3.7.2.195)
    nio4r (1.0.0)
    orm_adapter (0.5.0)
    pg (0.17.1)
    polyglot (0.3.4)
    pry (0.9.12.6)
      coderay (~> 1.0)
      method_source (~> 0.8)
      slop (~> 3.4)
    pry-byebug (1.3.1)
      byebug (~> 2.6)
      pry (~> 0.9.12)
    pry-coolline (0.2.4)
      coolline (~> 0.3)
    pry-doc (0.5.1)
      pry (>= 0.9)
      yard (>= 0.8)
    pry-rails (0.3.2)
      pry (>= 0.9.10)
    pry-remote (0.1.8)
      pry (~> 0.9)
      slop (~> 3.0)
    pry-stack_explorer (0.4.9.1)
      binding_of_caller (>= 0.7)
      pry (>= 0.9.11)
    pundit (0.2.2)
      activesupport (>= 3.0.0)
    quiet_assets (1.0.2)
      railties (>= 3.1, < 5.0)
    rack (1.5.2)
    rack-mini-profiler (0.9.0)
      rack (>= 1.1.3)
    rack-test (0.6.2)
      rack (>= 1.0)
    rails (4.0.3)
      actionmailer (= 4.0.3)
      actionpack (= 4.0.3)
      activerecord (= 4.0.3)
      activesupport (= 4.0.3)
      bundler (>= 1.3.0, < 2.0)
      railties (= 4.0.3)
      sprockets-rails (~> 2.0.0)
    rails-flog (1.3.1)
      anbt-sql-formatter
      awesome_print
      rails (>= 3.2.0)
    railties (4.0.3)
      actionpack (= 4.0.3)
      activesupport (= 4.0.3)
      rake (>= 0.8.7)
      thor (>= 0.18.1, < 2.0)
    raindrops (0.13.0)
    rake (10.1.1)
    rake_shared_context (0.2.0)
    rb-fsevent (0.9.4)
    rb-inotify (0.9.3)
      ffi (>= 0.5.0)
    rspec (2.14.1)
      rspec-core (~> 2.14.0)
      rspec-expectations (~> 2.14.0)
      rspec-mocks (~> 2.14.0)
    rspec-core (2.14.7)
    rspec-expectations (2.14.5)
      diff-lcs (>= 1.1.3, < 2.0)
    rspec-mocks (2.14.6)
    rspec-rails (2.14.1)
      actionpack (>= 3.0)
      activemodel (>= 3.0)
      activesupport (>= 3.0)
      railties (>= 3.0)
      rspec-core (~> 2.14.0)
      rspec-expectations (~> 2.14.0)
      rspec-mocks (~> 2.14.0)
    sass (3.2.14)
    sass-rails (4.0.1)
      railties (>= 4.0.0, < 5.0)
      sass (>= 3.1.10)
      sprockets-rails (~> 2.0.0)
    shoulda (3.5.0)
      shoulda-context (~> 1.0, >= 1.0.1)
      shoulda-matchers (>= 1.4.1, < 3.0)
    shoulda-context (1.1.6)
    shoulda-matchers (2.5.0)
      activesupport (>= 3.0.0)
    slop (3.4.7)
    sprockets (2.11.0)
      hike (~> 1.2)
      multi_json (~> 1.0)
      rack (~> 1.0)
      tilt (~> 1.1, != 1.3.0)
    sprockets-rails (2.0.1)
      actionpack (>= 3.0)
      activesupport (>= 3.0)
      sprockets (~> 2.8)
    tapp (1.4.0)
      thor
    term-ansicolor (1.3.0)
      tins (~> 1.0)
    thor (0.18.1)
    thread_safe (0.1.3)
      atomic
    tilt (1.4.1)
    timecop (0.7.1)
    timers (1.1.0)
    tins (1.0.0)
    treetop (1.4.15)
      polyglot
      polyglot (>= 0.3.1)
    tzinfo (0.3.38)
    uglifier (2.4.0)
      execjs (>= 0.3.0)
      json (>= 1.8.0)
    unicode-display_width (0.1.1)
    unicorn (4.8.2)
      kgio (~> 2.6)
      rack
      raindrops (~> 0.7)
    warden (1.2.3)
      rack (>= 1.0)
    yard (0.8.7.3)

PLATFORMS
  ruby

DEPENDENCIES
  active_model_serializers (~> 0.7)
  airbrake
  annotate!
  awesome_print
  bcrypt-ruby
  better_errors
  binding_of_caller
  coffee-rails
  colorize_unpermitted_parameters
  database_cleaner (~> 1.0)
  database_rewinder
  devise (>= 3.0, < 3.1)
  ember-auth-module-action_redirectable-rails (~> 1.0)
  ember-auth-module-auth_redirectable-rails (~> 1.0)
  ember-auth-module-ember_data-rails (~> 1.0)
  ember-auth-module-rememberable-rails (~> 1.0)
  ember-auth-rails (~> 5.0)
  ember-auth-request-jquery-rails (~> 1.0)
  ember-auth-request-jquery-source (~> 1.0)
  ember-auth-response-json-rails (~> 1.0)
  ember-auth-session-cookie-rails (~> 1.0)
  ember-auth-strategy-token-rails (~> 1.0)
  ember-data-source (>= 1.0.0.beta.3, < 2.0)
  ember-rails (~> 0.13)
  emblem-rails (~> 0.1)
  fabrication (~> 2.6)
  growl
  guard-livereload
  guard-rspec
  hashie
  hirb
  hirb-unicode
  jquery-rails
  newrelic_rpm
  pg
  pry-byebug
  pry-coolline
  pry-doc
  pry-rails
  pry-remote
  pry-stack_explorer
  pundit
  quiet_assets
  rack-mini-profiler
  rails
  rails-flog
  rake_shared_context
  rspec-rails
  sass-rails
  shoulda (~> 3.3)
  tapp
  timecop
  uglifier
  unicorn
